GEM
  remote: https://rubygems.org/
  specs:
    sass (3.4.11)
    sass-import_once (0.1.3)
      sass (>= 3.1)

PLATFORMS
  ruby

DEPENDENCIES
  sass (= 3.4.11)
  sass-import_once (= 0.1.3)
